PATH
  remote: .
  specs:
    jipcode (2.0.42)

GEM
  remote: https://rubygems.org/
  specs:
    addressable (2.8.0)
      public_suffix (>= 2.0.2, < 5.0)
    bump (0.10.0)
    crack (0.4.5)
      rexml
    diff-lcs (1.5.0)
    hashdiff (1.0.1)
    public_suffix (4.0.6)
    rake (13.0.6)
    rexml (3.2.5)
    rspec (3.11.0)
      rspec-core (~> 3.11.0)
      rspec-expectations (~> 3.11.0)
      rspec-mocks (~> 3.11.0)
    rspec-core (3.11.0)
      rspec-support (~> 3.11.0)
    rspec-expectations (3.11.0)
      diff-lcs (>= 1.2.0, < 2.0)
      rspec-support (~> 3.11.0)
    rspec-mocks (3.11.0)
      diff-lcs (>= 1.2.0, < 2.0)
      rspec-support (~> 3.11.0)
    rspec-support (3.11.0)
    rubyzip (2.3.2)
    vcr (6.0.0)
    webmock (3.14.0)
      addressable (>= 2.8.0)
      crack (>= 0.3.2)
      hashdiff (>= 0.4.0, < 2.0.0)

PLATFORMS
  arm64-darwin-22
  x86_64-darwin-19
  x86_64-darwin-20
  x86_64-darwin-21
  x86_64-linux

DEPENDENCIES
  bump
  bundler
  jipcode!
  rake
  rspec
  rubyzip
  vcr
  webmock

BUNDLED WITH
   2.3.6
